GEM
  remote: http://rubygems.org/
  specs:
    addressable (2.3.2)
    dalli (2.1.0)
    excon (0.16.4)
    heroku (2.32.4)
      heroku-api (~> 0.3.5)
      launchy (>= 0.3.2)
      netrc (~> 0.7.7)
      rest-client (~> 1.6.1)
      rubyzip
    heroku-api (0.3.5)
      excon (~> 0.16.1)
    launchy (2.1.2)
      addressable (~> 2.3)
    mime-types (1.19)
    netrc (0.7.7)
    rack (1.4.1)
    rack-cache (1.2)
      rack (>= 0.4)
    rack-protection (1.2.0)
      rack
    rake (0.8.7)
    rest-client (1.6.7)
      mime-types (>= 1.16)
    rmagick (2.13.1)
    rubyzip (0.9.9)
    shotgun (0.9)
      rack (>= 1.0)
    sinatra (1.3.3)
      rack (~> 1.3, >= 1.3.6)
      rack-protection (~> 1.2)
      tilt (~> 1.3, >= 1.3.3)
    tilt (1.3.3)

PLATFORMS
  ruby

DEPENDENCIES
  dalli
  heroku
  rack-cache
  rake (= 0.8.7)
  rmagick
  shotgun
  sinatra
